GEM
  remote: https://rubygems.org/
  specs:
    airbrake (3.1.17)
      builder
      multi_json
    builder (3.2.3)
    coderay (1.1.1)
    crass (1.0.5)
    dalli (2.1.0)
    faraday (0.11.0)
      multipart-post (>= 1.2, < 3)
    faraday_middleware (0.11.0.1)
      faraday (>= 0.7.4, < 1.0)
    get_process_mem (0.2.1)
    haml (4.0.7)
      tilt
    indextank (1.0.13)
      faraday_middleware (>= 0.9.0)
      yajl-ruby (>= 0.7.7)
    jemalloc (0.1.9)
    jsmin (1.0.1)
    kgio (2.11.0)
    mime-types (3.1)
      mime-types-data (~> 3.2015)
    mime-types-data (3.2016.0521)
    mini_portile2 (2.4.0)
    minitest (5.10.1)
    multi_json (1.12.1)
    multipart-post (2.0.0)
    newrelic_rpm (3.4.2.1)
    nokogiri (1.10.5)
      mini_portile2 (~> 2.4.0)
    nokogumbo (2.0.2)
      nokogiri (~> 1.8, >= 1.8.4)
    rack (1.6.11)
    rack-cache (1.7.0)
      rack (>= 0.4)
    rack-codehighlighter (0.5.1)
      nokogiri (>= 1.4.1)
      rack (>= 1.0.0)
    rack-protection (1.5.3)
      rack
    rack-test (0.6.3)
      rack (>= 1.0)
    raindrops (0.17.0)
    rake (12.0.0)
    rdiscount (2.2.0.1)
    rest-client (1.2.0)
      mime-types (>= 1.16)
    sanitize (5.1.0)
      crass (~> 1.0.2)
      nokogiri (>= 1.8.0)
      nokogumbo (~> 2.0)
    sass (3.4.23)
    shotgun (0.9.2)
      rack (>= 1.0)
    sinatra (1.3.6)
      rack (~> 1.4)
      rack-protection (~> 1.3)
      tilt (~> 1.3, >= 1.3.3)
    sinatra-assetpack (0.3.5)
      jsmin
      rack-test
      sinatra
      tilt (>= 1.3.0, < 2.0)
    tilt (1.4.1)
    unicorn (5.2.0)
      kgio (~> 2.6)
      raindrops (~> 0.7)
    unicorn-worker-killer (0.4.4)
      get_process_mem (~> 0)
      unicorn (>= 4, < 6)
    yajl-ruby (1.3.0)
    yui-compressor (0.12.0)

PLATFORMS
  ruby

DEPENDENCIES
  airbrake (~> 3.1.5)
  coderay
  dalli (~> 2.1.0)
  haml
  indextank (~> 1.0.12)
  jemalloc (~> 0.1.8)
  minitest
  newrelic_rpm (~> 3.4.1)
  rack-cache
  rack-codehighlighter (>= 0.5.1)
  rake
  rdiscount (~> 2.2.0)
  rest-client (= 1.2.0)
  sanitize (>= 4.4.0)
  sass
  shotgun (~> 0.9)
  sinatra (= 1.3.6)
  sinatra-assetpack (= 0.3.5)
  unicorn (~> 5.2.0)
  unicorn-worker-killer (~> 0.4.4)
  yui-compressor

RUBY VERSION
   ruby 2.4.0p0

BUNDLED WITH
   1.17.3
